REDIRECTS: ON
NUGET
  remote: https://www.nuget.org/api/v2
    FAKE (4.30.2)
    FSharp.Core (4.0.0.1)
    FsUnit.xUnit (1.3.1)
      xunit (1.9.2)
    Microsoft.Azure.DocumentDB (1.9)
      Newtonsoft.Json (>= 6.0.8)
    Newtonsoft.Json (6.0.8)
    NuGet.CommandLine (3.4.3)
    xunit (1.9.2)
    xunit.runner.visualstudio (2.1)
    xunit.runners (1.9.2)
GITHUB
  remote: fsprojects/FSharp.TypeProviders.StarterPack
    src/ProvidedTypes.fs (dfbca9b83fb70067e85abddcb8b89332aae4c28d)
    src/ProvidedTypes.fsi (dfbca9b83fb70067e85abddcb8b89332aae4c28d)